GEM
  remote: https://rubygems.org/
  specs:
    minitest (5.9.0)
    minitest-stub_any_instance (1.0.1)

PLATFORMS
  ruby

DEPENDENCIES
  minitest
  minitest-stub_any_instance

BUNDLED WITH
   1.12.5
